GEM
  remote: https://rubygems.org/
  specs:
    daemons (1.4.1)
    eventmachine (1.2.7)
    multi_json (1.15.0)
    mustermann (2.0.2)
      ruby2_keywords (~> 0.0.1)
    pg (1.4.3)
    rack (2.2.4)
    rack-protection (2.2.2)
      rack
    ruby2_keywords (0.0.5)
    sinatra (2.2.2)
      mustermann (~> 2.0)
      rack (~> 2.2)
      rack-protection (= 2.2.2)
      tilt (~> 2.0)
    sinatra-contrib (2.2.2)
      multi_json
      mustermann (~> 2.0)
      rack-protection (= 2.2.2)
      sinatra (= 2.2.2)
      tilt (~> 2.0)
    thin (1.8.1)
      daemons (~> 1.0, >= 1.0.9)
      eventmachine (~> 1.0, >= 1.0.4)
      rack (>= 1, < 3)
    tilt (2.0.11)

PLATFORMS
  x86_64-linux

DEPENDENCIES
  pg
  sinatra
  sinatra-contrib
  thin

RUBY VERSION
   ruby 3.1.2p20

BUNDLED WITH
   2.3.7
